GEM
  remote: https://rubygems.org/
  specs:
    backports (3.6.4)
    faraday (0.9.0)
      multipart-post (>= 1.2, < 3)
    git (1.2.9.1)
    httpclient (2.6.0.1)
    multi_json (1.10.1)
    multipart-post (2.0.0)
    oj (2.11.4)
    parallel (0.8.2)
    puma (2.9.2)
      rack (>= 1.1, < 2.0)
    rack (1.6.0)
    rack-protection (1.5.3)
      rack
    rack-test (0.6.3)
      rack (>= 1.0)
    sinatra (1.4.5)
      rack (~> 1.4)
      rack-protection (~> 1.4)
      tilt (~> 1.3, >= 1.3.4)
    sinatra-contrib (1.4.2)
      backports (>= 2.0)
      multi_json
      rack-protection
      rack-test
      sinatra (~> 1.4.0)
      tilt (~> 1.3)
    tilt (1.4.1)

PLATFORMS
  ruby

DEPENDENCIES
  faraday (~> 0.9.0)
  git (~> 1.2.8)
  httpclient (~> 2.6.0)
  oj (~> 2.11.4)
  parallel (~> 0.8.2)
  puma (~> 2.9.0)
  sinatra (~> 1.4.5)
  sinatra-contrib (~> 1.4.2)
